GEM
  remote: http://rubygems.org/
  specs:
    addressable (2.2.8)
    data_objects (0.10.17)
      addressable (~> 2.1)
    dm-core (1.1.0)
      addressable (~> 2.2.4)
    dm-do-adapter (1.1.0)
      data_objects (~> 0.10.2)
      dm-core (~> 1.1.0)
    dm-migrations (1.1.0)
      dm-core (~> 1.1.0)
    dm-sqlite-adapter (1.1.0)
      dm-do-adapter (~> 1.1.0)
      do_sqlite3 (~> 0.10.2)
    do_sqlite3 (0.10.17)
      data_objects (= 0.10.17)
    mustermann (1.1.1)
      ruby2_keywords (~> 0.0.1)
    rack (2.2.2)
    rack-protection (2.0.8.1)
      rack
    ruby2_keywords (0.0.2)
    sinatra (2.0.8.1)
      mustermann (~> 1.0)
      rack (~> 2.0)
      rack-protection (= 2.0.8.1)
      tilt (~> 2.0)
    tilt (2.0.10)

PLATFORMS
  ruby

DEPENDENCIES
  dm-core (~> 1.1.0)
  dm-migrations
  dm-sqlite-adapter
  sinatra

BUNDLED WITH
   2.1.4
